GEM
  remote: https://rubygems.org/
  specs:
    activemodel (3.2.22.1)
      activesupport (= 3.2.22.1)
      builder (~> 3.0.0)
    activerecord (3.2.22.1)
      activemodel (= 3.2.22.1)
      activesupport (= 3.2.22.1)
      arel (~> 3.0.2)
      tzinfo (~> 0.3.29)
    activesupport (3.2.22.1)
      i18n (~> 0.6, >= 0.6.4)
      multi_json (~> 1.0)
    arel (3.0.3)
    builder (3.0.4)
    concurrent-ruby (1.1.5)
    fatalistic (0.0.1)
    i18n (0.9.5)
      concurrent-ruby (~> 1.0)
    metaclass (0.0.1)
    mocha (0.10.0)
      metaclass (~> 0.0.1)
    multi_json (1.14.1)
    mysql2 (0.3.11)
    pg (0.11.0)
    sqlite3 (1.3.5)
    tzinfo (0.3.56)

PLATFORMS
  ruby

DEPENDENCIES
  activerecord (= 3.2.22.1)
  fatalistic
  mocha
  mysql2
  pg
  sqlite3

BUNDLED WITH
   1.17.3
